PATH
  remote: .
  specs:
    cruby_crash_info (0.1.0)

GEM
  remote: https://rubygems.org/
  specs:
    minitest (5.16.0)
    rake (13.0.6)
    rake-compiler (1.2.0)
      rake

PLATFORMS
  x86_64-linux

DEPENDENCIES
  cruby_crash_info!
  minitest (~> 5.0)
  rake (~> 13.0)
  rake-compiler

BUNDLED WITH
   2.3.4
